GEM
  remote: https://rubygems.org/
  specs:
    mustermann (1.1.1)
      ruby2_keywords (~> 0.0.1)
    nio4r (2.5.2)
    puma (4.3.5)
      nio4r (~> 2.0)
    rack (2.2.3)
    rack-protection (2.0.8.1)
      rack
    ruby2_keywords (0.0.2)
    sinatra (2.0.8.1)
      mustermann (~> 1.0)
      rack (~> 2.0)
      rack-protection (= 2.0.8.1)
      tilt (~> 2.0)
    sinatra-cross_origin (0.3.2)
    tilt (2.0.10)
    yaml (0.1.0)

PLATFORMS
  ruby

DEPENDENCIES
  puma
  sinatra
  sinatra-cross_origin (~> 0.3.1)
  yaml

BUNDLED WITH
   2.1.4
